GEM
  remote: https://rubygems.org/
  specs:
    builder (3.2.2)

PLATFORMS
  ruby

DEPENDENCIES
  builder
